GEM
  remote: https://rubygems.org/
  specs:
    asciidoctor (2.0.8)
    mini_portile2 (2.6.1)
    nokogiri (1.12.5)
      mini_portile2 (~> 2.6.1)
      racc (~> 1.4)
    racc (1.6.0)

PLATFORMS
  ruby

DEPENDENCIES
  asciidoctor
  nokogiri

RUBY VERSION
   ruby 2.6.2p47

BUNDLED WITH
   1.17.2
